GIT
  remote: https://github.com/skroutz/rafka-rb
  revision: 4b44460bfc0aaea63e172ab5ba01ba32761569fe
  specs:
    rafka (0.1.0)
      redis (~> 3.0)

GEM
  remote: https://rubygems.org/
  specs:
    minitest (5.11.3)
    redis (3.0.3)

PLATFORMS
  ruby

DEPENDENCIES
  minitest
  rafka!
  redis (= 3.0.3)

BUNDLED WITH
   1.13.6
